GEM
  remote: http://rubygems.org/
  specs:
    mail (2.6.3)
      mime-types (>= 1.16, < 3)
    mime-types (2.6.1)
    mini_portile (0.6.2)
    nokogiri (1.6.6.2)
      mini_portile (~> 0.6.0)

PLATFORMS
  ruby

DEPENDENCIES
  mail
  nokogiri
